GEM
  remote: http://rubygems.org/
  remote: http://rubygems.org/
  remote: http://rubygems.org/
  specs:
    taglib-ruby (0.5.2)

PLATFORMS
  ruby

DEPENDENCIES
  taglib-ruby
